PATH
  remote: .
  specs:
    antilles (0.1.0)
      bundler
      daemons
      httparty
      json
      mimic

GEM
  remote: http://rubygems.org/
  specs:
    crack (0.1.8)
    daemons (1.1.4)
    diff-lcs (1.1.3)
    httparty (0.7.8)
      crack (= 0.1.8)
    json (1.5.4)
    mimic (0.4.3)
      json
      plist
      rack
      sinatra
    plist (3.1.0)
    rack (1.3.2)
    rake (0.9.2)
    rspec (2.6.0)
      rspec-core (~> 2.6.0)
      rspec-expectations (~> 2.6.0)
      rspec-mocks (~> 2.6.0)
    rspec-core (2.6.4)
    rspec-expectations (2.6.0)
      diff-lcs (~> 1.1.2)
    rspec-mocks (2.6.0)
    sinatra (1.2.6)
      rack (~> 1.1)
      tilt (>= 1.2.2, < 2.0)
    tilt (1.3.3)

PLATFORMS
  ruby

DEPENDENCIES
  antilles!
  rake
  rspec
